PATH
  remote: .
  specs:
    cloudapp (2.0.0.beta.11)
      clipboard (~> 1.0.1)
      leadlight (~> 0.1.0)
      mime-types (~> 1.19)
      netrc (~> 0.7.7)
      typhoeus (~> 0.3.3)

GEM
  remote: http://rubygems.org/
  specs:
    addressable (2.2.8)
    clipboard (1.0.1)
    diff-lcs (1.1.3)
    fail-fast (1.0.0)
    faraday (0.8.1)
      multipart-post (~> 1.1)
    fattr (2.2.1)
    hookr (1.1.1)
      fail-fast (= 1.0.0)
    hpricot (0.8.6)
    leadlight (0.1.0)
      addressable (~> 2.2.0)
      faraday (= 0.8.1)
      fattr
      hookr
      link_header
      mime-types
      multi_json (~> 1.0.4)
    link_header (0.0.5)
    mime-types (1.19)
    multi_json (1.0.4)
    multipart-post (1.1.5)
    mustache (0.99.4)
    netrc (0.7.7)
    rake (10.0.3)
    rdiscount (1.6.8)
    ronn (0.7.3)
      hpricot (>= 0.8.2)
      mustache (>= 0.7.0)
      rdiscount (>= 1.5.8)
    rspec (2.12.0)
      rspec-core (~> 2.12.0)
      rspec-expectations (~> 2.12.0)
      rspec-mocks (~> 2.12.0)
    rspec-core (2.12.2)
    rspec-expectations (2.12.1)
      diff-lcs (~> 1.1.3)
    rspec-mocks (2.12.1)
    typhoeus (0.3.3)
      mime-types

PLATFORMS
  ruby

DEPENDENCIES
  cloudapp!
  rake
  ronn
  rspec
