PATH
  remote: .
  specs:
    cloudapp (0.0.4)
      addressable
      faraday (~> 0.8.0.rc2)
      leadlight
      main
      typhoeus

PATH
  remote: ~/Code/leadlight
  specs:
    leadlight (0.0.2)
      addressable
      faraday
      fattr
      hookr
      link_header
      mime-types
      multi_json

GEM
  remote: http://rubygems.org/
  specs:
    addressable (2.2.6)
    arrayfields (4.7.4)
    chronic (0.6.7)
    diff-lcs (1.1.3)
    fail-fast (1.0.0)
    faraday (0.8.0.rc2)
      multipart-post (~> 1.1)
    fattr (2.2.1)
    hookr (1.1.1)
      fail-fast (= 1.0.0)
    link_header (0.0.5)
    main (4.8.1)
      arrayfields (~> 4.7.4)
      chronic (~> 0.6.2)
      fattr (~> 2.2.0)
      map (~> 5.1.0)
    map (5.1.0)
    mime-types (1.17.2)
    multi_json (1.0.4)
    multipart-post (1.1.4)
    rake (0.9.2.2)
    rspec (2.8.0)
      rspec-core (~> 2.8.0)
      rspec-expectations (~> 2.8.0)
      rspec-mocks (~> 2.8.0)
    rspec-core (2.8.0)
    rspec-expectations (2.8.0)
      diff-lcs (~> 1.1.2)
    rspec-mocks (2.8.0)
    typhoeus (0.3.3)
      mime-types
    vcr (2.0.0.rc1)

PLATFORMS
  ruby

DEPENDENCIES
  cloudapp!
  leadlight!
  rake
  rspec
  vcr (~> 2.0.0.rc1)
