PATH
  remote: .
  specs:
    cloudapp (2.0.0.beta.1)
      addressable
      faraday (~> 0.8.0.rc2)
      leadlight (~> 0.0.5)
      typhoeus

GEM
  remote: http://rubygems.org/
  specs:
    addressable (2.2.8)
    crack (0.3.1)
    diff-lcs (1.1.3)
    fail-fast (1.0.0)
    faraday (0.8.0)
      multipart-post (~> 1.1)
    fattr (2.2.1)
    hookr (1.1.1)
      fail-fast (= 1.0.0)
    leadlight (0.0.5)
      addressable
      faraday
      fattr
      hookr
      link_header
      mime-types
      multi_json (~> 1.0.4)
    link_header (0.0.5)
    mime-types (1.18)
    multi_json (1.0.4)
    multipart-post (1.1.5)
    rake (0.9.2.2)
    rspec (2.9.0)
      rspec-core (~> 2.9.0)
      rspec-expectations (~> 2.9.0)
      rspec-mocks (~> 2.9.0)
    rspec-core (2.9.0)
    rspec-expectations (2.9.0)
      diff-lcs (~> 1.1.3)
    rspec-mocks (2.9.0)
    typhoeus (0.3.3)
      mime-types
    vcr (2.0.0)
    webmock (1.8.4)
      addressable (>= 2.2.7)
      crack (>= 0.1.7)

PLATFORMS
  ruby

DEPENDENCIES
  cloudapp!
  rake
  rspec
  vcr (~> 2.0.0)
  webmock
