PATH
  remote: .
  specs:
    cloudapp (0.0.1)
      main

GEM
  remote: http://rubygems.org/
  specs:
    arrayfields (4.7.4)
    chronic (0.6.6)
    fattr (2.2.1)
    main (4.8.1)
      arrayfields (~> 4.7.4)
      chronic (~> 0.6.2)
      fattr (~> 2.2.0)
      map (~> 5.1.0)
    map (5.1.0)
    rake (0.9.2.2)

PLATFORMS
  ruby

DEPENDENCIES
  cloudapp!
  rake
